GIT
  remote: https://github.com/wisq/jekyll-sitemap.git
  revision: 12ba411290f666dc886338239600b12ed159300b
  ref: 12ba411290f666dc886338239600b12ed159300b
  specs:
    jekyll-sitemap (0.7.0)

GIT
  remote: https://github.com/wisq/jekyll-tagging.git
  revision: 068eb44ed7ab64f9552d104c1eca3863526ec5ae
  ref: 068eb44ed7ab64f9552d104c1eca3863526ec5ae
  specs:
    jekyll-tagging (0.6.0)
      ruby-nuggets

GIT
  remote: https://github.com/wisq/rb-fsevent.git
  revision: 65d3ea88591dd3fb30d9a6f057b4d7a9495be913
  specs:
    rb-fsevent (0.9.8)

GEM
  remote: https://rubygems.org/
  specs:
    aws-sdk-v1 (1.61.0)
      json (~> 1.4)
      nokogiri (>= 1.4.4)
    blankslate (2.1.2.4)
    celluloid (0.16.0)
      timers (~> 4.0.0)
    classifier-reborn (2.0.3)
      fast-stemmer (~> 1.0)
    closure-compiler (1.1.11)
    coffee-script (2.3.0)
      coffee-script-source
      execjs
    coffee-script-source (1.8.0)
    colorator (0.1)
    colored (1.2)
    configure-s3-website (1.6.0)
      deep_merge (= 1.0.0)
    deep_merge (1.0.0)
    dotenv (1.0.2)
    execjs (2.2.2)
    fast-stemmer (1.0.2)
    ffi (1.9.6)
    hitimes (1.2.2)
    htmlcompressor (0.1.2)
    jekyll (2.5.3)
      classifier-reborn (~> 2.0)
      colorator (~> 0.1)
      jekyll-coffeescript (~> 1.0)
      jekyll-gist (~> 1.0)
      jekyll-paginate (~> 1.0)
      jekyll-sass-converter (~> 1.0)
      jekyll-watch (~> 1.1)
      kramdown (~> 1.3)
      liquid (~> 2.6.1)
      mercenary (~> 0.3.3)
      pygments.rb (~> 0.6.0)
      redcarpet (~> 3.1)
      safe_yaml (~> 1.0)
      toml (~> 0.1.0)
    jekyll-asset-pipeline (0.1.2)
      jekyll (>= 0.10.0)
      liquid (>= 1.9.0)
    jekyll-coffeescript (1.0.1)
      coffee-script (~> 2.2)
    jekyll-gist (1.1.0)
    jekyll-last-modified-at (0.3.4)
      jekyll
    jekyll-minifier (0.0.2)
      htmlcompressor (~> 0.1.2, >= 0.1.2)
      jekyll (~> 2.5, >= 2.5.3)
      yui-compressor (~> 0.12, >= 0.12.0)
    jekyll-paginate (1.1.0)
    jekyll-sass-converter (1.3.0)
      sass (~> 3.2)
    jekyll-watch (1.2.0)
      listen (~> 2.7)
    json (1.8.2)
    kramdown (1.5.0)
    liquid (2.6.1)
    listen (2.8.4)
      celluloid (>= 0.15.2)
      rb-fsevent (>= 0.9.3)
      rb-inotify (>= 0.9)
    mercenary (0.3.5)
    mini_portile (0.6.2)
    nokogiri (1.6.5)
      mini_portile (~> 0.6.0)
    nuggets (1.0.0)
    parslet (1.5.0)
      blankslate (~> 2.0)
    posix-spawn (0.3.9)
    pygments.rb (0.6.0)
      posix-spawn (~> 0.3.6)
      yajl-ruby (~> 1.1.0)
    rb-inotify (0.9.5)
      ffi (>= 0.5.0)
    redcarpet (3.2.2)
    ruby-nuggets (1.0.0)
      nuggets (= 1.0.0)
    s3_website (2.7.3)
      colored (= 1.2)
      configure-s3-website (= 1.6.0)
      dotenv (~> 1.0)
      thor (~> 0.18)
    safe_yaml (1.0.4)
    sass (3.4.9)
    thor (0.19.1)
    time-lord (1.0.1)
    timers (4.0.1)
      hitimes
    toml (0.1.2)
      parslet (~> 1.5.0)
    yajl-ruby (1.1.0)
    yui-compressor (0.12.0)

PLATFORMS
  ruby

DEPENDENCIES
  aws-sdk-v1
  closure-compiler
  jekyll
  jekyll-asset-pipeline
  jekyll-last-modified-at
  jekyll-minifier
  jekyll-sitemap!
  jekyll-tagging!
  rb-fsevent!
  s3_website
  time-lord
  yui-compressor

BUNDLED WITH
   1.15.4
